PATH
  remote: .
  specs:
    synvert (1.4.7)
      synvert-core (>= 1.28.3)

GEM
  remote: https://rubygems.org/
  specs:
    activesupport (6.1.7.3)
      concurrent-ruby (~> 1.0, >= 1.0.2)
      i18n (>= 1.6, < 2)
      minitest (>= 5.1)
      tzinfo (~> 2.0)
      zeitwerk (~> 2.3)
    ast (2.4.2)
    concurrent-ruby (1.2.2)
    diff-lcs (1.4.4)
    i18n (1.12.0)
      concurrent-ruby (~> 1.0)
    minitest (5.18.0)
    node_mutation (1.19.3)
    node_query (1.13.8)
    parallel (1.22.1)
    parser (3.2.1.1)
      ast (~> 2.4.1)
    parser_node_ext (1.2.0)
      parser
    prettier_print (1.2.1)
    rake (13.0.6)
    rspec (3.10.0)
      rspec-core (~> 3.10.0)
      rspec-expectations (~> 3.10.0)
      rspec-mocks (~> 3.10.0)
    rspec-core (3.10.1)
      rspec-support (~> 3.10.0)
    rspec-expectations (3.10.1)
      diff-lcs (>= 1.2.0, < 2.0)
      rspec-support (~> 3.10.0)
    rspec-mocks (3.10.2)
      diff-lcs (>= 1.2.0, < 2.0)
      rspec-support (~> 3.10.0)
    rspec-support (3.10.2)
    syntax_tree (6.1.1)
      prettier_print (>= 1.2.0)
    syntax_tree_ext (0.6.3)
      syntax_tree
    synvert-core (1.28.3)
      activesupport (< 7.0.0)
      node_mutation (>= 1.19.1)
      node_query (>= 1.13.5)
      parallel
      parser
      parser_node_ext (>= 1.2.0)
      syntax_tree
      syntax_tree_ext (>= 0.6.0)
    tzinfo (2.0.6)
      concurrent-ruby (~> 1.0)
    zeitwerk (2.6.7)

PLATFORMS
  ruby

DEPENDENCIES
  rake
  rspec
  synvert!

BUNDLED WITH
   2.4.7
